PATH
  remote: .
  specs:
    ffcrm_cli (0.0.0)

GEM
  remote: http://rubygems.org/
  specs:

PLATFORMS
  ruby

DEPENDENCIES
  ffcrm_cli!
